GEM
  remote: https://rubygems.org/
  specs:
    daemons (1.2.2)
    eventmachine (1.0.7)
    json (1.8.2)
    netrc (0.7.9)
    rack (1.5.2)
    rack-protection (1.5.3)
      rack
    rest_client (1.8.3)
      netrc (~> 0.7.7)
    sinatra (1.4.6)
      rack (~> 1.4)
      rack-protection (~> 1.4)
      tilt (>= 1.3, < 3)
    thin (1.6.3)
      daemons (~> 1.0, >= 1.0.9)
      eventmachine (~> 1.0)
      rack (~> 1.0)
    tilt (1.4.1)

PLATFORMS
  ruby

DEPENDENCIES
  json
  rack
  rest_client
  sinatra
  thin
